GEM
  remote: https://rubygems.org/
  specs:
    colorize (1.1.0)
    diff-lcs (1.6.1)
    json (2.10.2)
    logger (1.6.1)
    open3 (0.2.1)
    optparse (0.6.0)
    ostruct (0.6.0)
    rspec (3.13.0)
      rspec-core (~> 3.13.0)
      rspec-expectations (~> 3.13.0)
      rspec-mocks (~> 3.13.0)
    rspec-core (3.13.3)
      rspec-support (~> 3.13.0)
    rspec-expectations (3.13.3)
      diff-lcs (>= 1.2.0, < 2.0)
      rspec-support (~> 3.13.0)
    rspec-mocks (3.13.2)
      diff-lcs (>= 1.2.0, < 2.0)
      rspec-support (~> 3.13.0)
    rspec-support (3.13.2)
    zeitwerk (2.6.18)

PLATFORMS
  arm64-darwin-22
  ruby

DEPENDENCIES
  colorize
  json
  logger
  open3
  optparse
  ostruct
  rspec
  zeitwerk

BUNDLED WITH
   2.5.16
